GEM
  remote: https://rubygems.org/
  specs:
    amq-client (1.0.2)
      amq-protocol (>= 1.2.0)
      eventmachine
    amq-protocol (1.6.0)
    amqp (1.0.2)
      amq-client (~> 1.0.2)
      amq-protocol (>= 1.3.0)
      eventmachine
    escape (0.0.4)
    eventmachine (1.0.3)
    json (1.8.0)

PLATFORMS
  ruby

DEPENDENCIES
  amqp
  escape
  json
